GEM
  remote: https://rubygems.org/
  remote: https://9ryw1qeUBWiPN7PsYosx@gem.fury.io/myfreecomm/
  specs:
    backports (3.10.3)
    dotenv (2.2.1)
    foreman (0.84.0)
      thor (~> 0.19.1)
    json (2.1.0)
    multi_json (1.12.2)
    mustermann (1.0.1)
    postmark (1.10.0)
      json
      rake
    rack (2.0.3)
    rack-protection (2.0.0)
      rack
    rake (12.3.0)
    sinatra (2.0.0)
      mustermann (~> 1.0)
      rack (~> 2.0)
      rack-protection (= 2.0.0)
      tilt (~> 2.0)
    sinatra-contrib (2.0.0)
      backports (>= 2.0)
      multi_json
      mustermann (~> 1.0)
      rack-protection (= 2.0.0)
      sinatra (= 2.0.0)
      tilt (>= 1.3, < 3)
    thor (0.19.4)
    tilt (2.0.8)

PLATFORMS
  ruby

DEPENDENCIES
  dotenv (= 2.2.1)
  foreman
  postmark (= 1.10.0)
  sinatra (= 2.0.0)
  sinatra-contrib (= 2.0.0)

RUBY VERSION
   ruby 2.4.2p198

BUNDLED WITH
   1.16.0
